GEM
  remote: http://rubygems.org/
  specs:
    coffee-script (2.2.0)
      coffee-script-source
      execjs
    coffee-script-source (1.6.3)
    directory_watcher (1.4.1)
    execjs (1.4.0)
      multi_json (~> 1.0)
    haml (4.0.3)
      tilt
    libv8 (3.11.8.17)
    multi_json (1.7.7)
    redis (2.2.2)
    ref (1.0.5)
    sass (3.2.9)
    slop (2.1.0)
    stasis (0.1.11)
      directory_watcher (~> 1.4.0)
      redis (~> 2.2.1)
      slop (~> 2.1.0)
      tilt (~> 1.3)
      yajl-ruby (~> 0.8.2)
    therubyracer (0.11.4)
      libv8 (~> 3.11.8.12)
      ref
    tilt (1.4.1)
    yajl-ruby (0.8.3)

PLATFORMS
  ruby

DEPENDENCIES
  coffee-script
  haml
  sass
  stasis
  therubyracer
